PATH
  remote: .
  specs:
    jwtf (0.1.0)

GEM
  remote: https://rubygems.org/
  specs:
    ansi (1.5.0)
    builder (3.2.3)
    minitest (5.10.3)
    minitest-reporters (1.1.19)
      ansi
      builder
      minitest (>= 5.0)
      ruby-progressbar
    rake (10.5.0)
    ruby-progressbar (1.9.0)

PLATFORMS
  ruby

DEPENDENCIES
  bundler (~> 1.16)
  jwtf!
  minitest (~> 5.0)
  minitest-reporters (~> 1.1.19)
  rake (~> 10.0)

BUNDLED WITH
   1.16.1
